PATH
  remote: .
  specs:
    hackernews (0.1.0)
      activemodel
      activesupport
      excon
      json (~> 2.1.0)
      nokogiri (~> 1.10.4)

GEM
  remote: https://rubygems.org/
  specs:
    activemodel (7.0.3.1)
      activesupport (= 7.0.3.1)
    activesupport (7.0.3.1)
      concurrent-ruby (~> 1.0, >= 1.0.2)
      i18n (>= 1.6, < 2)
      minitest (>= 5.1)
      tzinfo (~> 2.0)
    concurrent-ruby (1.1.10)
    diff-lcs (1.5.0)
    docile (1.4.0)
    dotenv (2.7.5)
    excon (0.92.4)
    i18n (1.12.0)
      concurrent-ruby (~> 1.0)
    json (2.1.0)
    mini_portile2 (2.4.0)
    minitest (5.16.2)
    nokogiri (1.10.10)
      mini_portile2 (~> 2.4.0)
    rake (10.5.0)
    rspec (3.8.0)
      rspec-core (~> 3.8.0)
      rspec-expectations (~> 3.8.0)
      rspec-mocks (~> 3.8.0)
    rspec-core (3.8.2)
      rspec-support (~> 3.8.0)
    rspec-expectations (3.8.6)
      diff-lcs (>= 1.2.0, < 2.0)
      rspec-support (~> 3.8.0)
    rspec-mocks (3.8.2)
      diff-lcs (>= 1.2.0, < 2.0)
      rspec-support (~> 3.8.0)
    rspec-support (3.8.3)
    simplecov (0.17.1)
      docile (~> 1.1)
      json (>= 1.8, < 3)
      simplecov-html (~> 0.10.0)
    simplecov-html (0.10.2)
    tzinfo (2.0.5)
      concurrent-ruby (~> 1.0)
    vcr (5.0.0)

PLATFORMS
  ruby

DEPENDENCIES
  bundler (~> 1.17.2)
  dotenv (~> 2.1)
  hackernews!
  rake (~> 10.0)
  rspec (~> 3.8.0)
  simplecov
  vcr (~> 5)

BUNDLED WITH
   1.17.2
